GEM
  specs:
    builder (3.2.3)
    cucumber (2.4.0)
      builder (>= 2.1.2)
      cucumber-core (~> 1.5.0)
      cucumber-wire (~> 0.0.1)
      diff-lcs (>= 1.1.3)
      gherkin (~> 4.0)
      multi_json (>= 1.7.5, < 2.0)
      multi_test (>= 0.1.2)
    cucumber-core (1.5.0)
      gherkin (~> 4.0)
    cucumber-wire (0.0.1)
    diff-lcs (1.3)
    gherkin (4.1.3)
    multi_json (1.12.2)
    multi_test (0.1.2)
    osaka (0.4.13)
      rake
    rake (12.0.0)

PLATFORMS
  ruby

DEPENDENCIES
  cucumber
  osaka

BUNDLED WITH
   1.15.3
